GEM
  remote: https://rubygems.org/
  specs:
    diff-lcs (1.4.4)
    io-console (0.5.6)
    irb (1.2.9)
      reline (>= 0.1.5)
    reline (0.1.10)
      io-console (~> 0.5)
    rspec (3.10.0)
      rspec-core (~> 3.10.0)
      rspec-expectations (~> 3.10.0)
      rspec-mocks (~> 3.10.0)
    rspec-core (3.10.0)
      rspec-support (~> 3.10.0)
    rspec-expectations (3.10.0)
      diff-lcs (>= 1.2.0, < 2.0)
      rspec-support (~> 3.10.0)
    rspec-mocks (3.10.0)
      diff-lcs (>= 1.2.0, < 2.0)
      rspec-support (~> 3.10.0)
    rspec-support (3.10.0)

PLATFORMS
  ruby

DEPENDENCIES
  irb (~> 1.2)
  rspec (~> 3.10)

BUNDLED WITH
   1.17.2
